GEM
  remote: https://rubygems.org/
  specs:
    docusign_esign (1.0.2)
      json (~> 2.1, >= 2.1.0)
      jwt (~> 1.0, >= 1.5.2)
      typhoeus (~> 1.0, >= 1.0.1)
    ethon (0.11.0)
      ffi (>= 1.3.0)
    ffi (1.9.25)
    json (2.1.0)
    jwt (1.5.6)
    typhoeus (1.3.1)
      ethon (>= 0.9.0)

PLATFORMS
  ruby

DEPENDENCIES
  docusign_esign

BUNDLED WITH
   1.17.1
